GEM
  remote: https://rubygems.org/
  specs:
    faraday (0.8.7)
      multipart-post (~> 1.1)
    forecast_io (1.1.0)
      faraday
      hashie
      multi_json
    hashie (2.0.5)
    multi_json (1.7.3)
    multipart-post (1.2.0)
    rack (1.6.13)
    rack-protection (1.5.0)
      rack
    sinatra (1.4.2)
      rack (~> 1.5, >= 1.5.2)
      rack-protection (~> 1.4)
      tilt (~> 1.3, >= 1.3.4)
    tilt (1.4.1)

PLATFORMS
  ruby

DEPENDENCIES
  forecast_io
  sinatra
